GEM
  remote: https://rubygems.org/
  specs:
    bindata (1.5.0)
    eventmachine (1.0.3)
    ffi (1.9.0)
    ffi-zlib (0.2.0)
      ffi
    spdy (0.0.3)
      bindata
      ffi-zlib

PLATFORMS
  ruby

DEPENDENCIES
  eventmachine
  spdy
